PATH
  remote: .
  specs:
    ruby-doom (0.9)

GEM
  remote: https://rubygems.org/
  specs:
    byebug (6.0.2)
    minitest (5.8.0)
    rake (10.4.2)

PLATFORMS
  ruby

DEPENDENCIES
  byebug
  minitest (~> 5.0)
  rake (~> 10.1)
  ruby-doom!

BUNDLED WITH
   1.10.6
